GEM
  remote: https://rubygems.org/
  specs:
    terminal-table (1.8.0)
      unicode-display_width (~> 1.1, >= 1.1.1)
    unicode-display_width (1.7.0)

PLATFORMS
  ruby

DEPENDENCIES
  terminal-table

RUBY VERSION
   ruby 2.6.1p33

BUNDLED WITH
   2.1.4
